GIT
  remote: https://github.com/instructure/ims-lti.git
  revision: 8237787699d2ba4b360324329f93c530890d5c9a
  specs:
    ims-lti (1.1.2)
      builder
      oauth (~> 0.4.5)
      uuid

GEM
  remote: https://rubygems.org/
  specs:
    builder (3.2.0)
    macaddr (1.6.1)
      systemu (~> 2.5.0)
    oauth (0.4.7)
    rack (1.5.2)
    rack-protection (1.5.0)
      rack
    shotgun (0.9)
      rack (>= 1.0)
    sinatra (1.3.5)
      rack (~> 1.4)
      rack-protection (~> 1.3)
      tilt (~> 1.3, >= 1.3.3)
    systemu (2.5.2)
    tilt (1.3.5)
    uuid (2.3.7)
      macaddr (~> 1.0)

PLATFORMS
  ruby

DEPENDENCIES
  ims-lti!
  shotgun
  sinatra
